NRRD0004
# Complete NRRD file format specification at:
# http://teem.sourceforge.net/nrrd/format.html
type: short
dimension: 3
space: left-posterior-superior
sizes: 144 144 85
space directions: (1.6667,0,0) (0,1.6667,0) (0,0,-1.7)
kinds: domain domain domain
endian: little
encoding: gzip
space origin: (-119.169,-119.169,71.4)
data file: seeds_tc.raw.gz
